PATH
  remote: .
  specs:
    autodns_api (0.0.1)
      faraday
      nokogiri

GEM
  remote: https://rubygems.org/
  specs:
    coderay (1.1.2)
    faraday (0.15.3)
      multipart-post (>= 1.2, < 3)
    method_source (0.9.0)
    mini_portile2 (2.8.1)
    multipart-post (2.0.0)
    nokogiri (1.14.2)
      mini_portile2 (~> 2.8.0)
      racc (~> 1.4)
    pry (0.11.3)
      coderay (~> 1.1.0)
      method_source (~> 0.9.0)
    racc (1.6.2)
    rake (13.0.6)

PLATFORMS
  ruby

DEPENDENCIES
  autodns_api!
  bundler
  pry
  rake

BUNDLED WITH
   2.4.8
